PATH
  remote: .
  specs:
    vmc_knife (0.0.63)
      rest-client (>= 1.6.1, < 1.7.0)
      vmc (~> 0.3.18)

GEM
  remote: http://rubygems.org/
  specs:
    addressable (2.2.8)
    cfoundry (0.3.61)
      multi_json (~> 1.3.6)
      multipart-post (~> 1.1.0)
      rubyzip (~> 0.9.9)
    crack (0.3.1)
    diff-lcs (1.1.3)
    interact (0.4.8)
    json_pure (1.6.8)
    mime-types (2.2)
    multi_json (1.3.7)
    multipart-post (1.1.5)
    rb-readline (0.4.2)
    rest-client (1.6.7)
      mime-types (>= 1.16)
    rspec (2.4.0)
      rspec-core (~> 2.4.0)
      rspec-expectations (~> 2.4.0)
      rspec-mocks (~> 2.4.0)
    rspec-core (2.4.0)
    rspec-expectations (2.4.0)
      diff-lcs (~> 1.1.2)
    rspec-mocks (2.4.0)
    rubyzip (0.9.9)
    terminal-table (1.4.5)
    uuidtools (2.1.4)
    vmc (0.3.23)
      addressable (~> 2.2.6)
      cfoundry (~> 0.3.48)
      interact (~> 0.4.0)
      json_pure (>= 1.5.1, < 1.7.0)
      rb-readline (~> 0.4.2)
      rest-client (>= 1.6.1, < 1.7.0)
      rubyzip (~> 0.9.4)
      terminal-table (~> 1.4.2)
      uuidtools (~> 2.1.0)
    webmock (1.5.0)
      addressable (>= 2.2.2)
      crack (>= 0.1.7)

PLATFORMS
  ruby

DEPENDENCIES
  rspec (~> 2.4.0)
  vmc_knife!
  webmock (= 1.5.0)
