PATH
  remote: .
  specs:
    vmc_knife (0.0.37)
      rest-client (>= 1.6.1, < 1.7.0)
      vmc (~> 0.3.14.beta4)

GEM
  remote: http://rubygems.org/
  specs:
    addressable (2.2.8)
    crack (0.3.1)
    diff-lcs (1.1.3)
    interact (0.4.6)
    json_pure (1.6.7)
    mime-types (1.19)
    rb-readline (0.4.2)
    rest-client (1.6.7)
      mime-types (>= 1.16)
    rspec (2.11.0)
      rspec-core (~> 2.11.0)
      rspec-expectations (~> 2.11.0)
      rspec-mocks (~> 2.11.0)
    rspec-core (2.11.1)
    rspec-expectations (2.11.2)
      diff-lcs (~> 1.1.3)
    rspec-mocks (2.11.2)
    rubyzip (0.9.9)
    terminal-table (1.4.5)
    uuidtools (2.1.3)
    vmc (0.3.18)
      addressable (~> 2.2.6)
      interact (~> 0.4.0)
      json_pure (>= 1.5.1, < 1.7.0)
      rb-readline (~> 0.4.2)
      rest-client (>= 1.6.1, < 1.7.0)
      rubyzip (~> 0.9.4)
      terminal-table (~> 1.4.2)
      uuidtools (~> 2.1.0)
    webmock (1.5.0)
      addressable (>= 2.2.2)
      crack (>= 0.1.7)

PLATFORMS
  ruby

DEPENDENCIES
  rspec (>= 2.7.0)
  vmc (>= 0.3.18)
  vmc_knife!
  webmock (= 1.5.0)
